GEM
  remote: https://rubygems.org/
  specs:
    base64 (0.1.1)
    bech32 (1.3.0)
      thor (>= 1.1.0)
    bip-schnorr (0.4.0)
      ecdsa (~> 1.2.0)
    date (3.3.3)
    ecdsa (1.2.0)
    event_emitter (0.2.6)
    json (2.6.3)
    mail (2.8.0.1)
      mini_mime (>= 0.1.1)
      net-imap
      net-pop
      net-smtp
    mini_magick (4.12.0)
    mini_mime (1.1.2)
    net-imap (0.3.4)
      date
      net-protocol
    net-pop (0.1.2)
      net-protocol
    net-protocol (0.2.1)
      timeout
    net-smtp (0.3.3)
      net-protocol
    nostr_ruby (0.1.1)
      base64 (~> 0.1.1)
      bech32 (~> 1.3.0)
      bip-schnorr (~> 0.4.0)
      json (~> 2.6.2)
      unicode-emoji (~> 3.3.1)
      websocket-client-simple (~> 0.6.0)
    thor (1.2.1)
    timeout (0.3.1)
    unicode-emoji (3.3.1)
      unicode-version (~> 1.0)
    unicode-version (1.3.0)
    websocket (1.2.9)
    websocket-client-simple (0.6.0)
      event_emitter
      websocket

PLATFORMS
  arm64-darwin-21

DEPENDENCIES
  mail
  mini_magick
  net-imap
  nostr_ruby

BUNDLED WITH
   2.3.14
